GEM
  remote: http://rubygems.org/
  specs:
    RedCloth (4.2.3)
    actionmailer (2.3.9)
      actionpack (= 2.3.9)
    actionpack (2.3.9)
      activesupport (= 2.3.9)
      rack (~> 1.1.0)
    activerecord (2.3.9)
      activesupport (= 2.3.9)
    activeresource (2.3.9)
      activesupport (= 2.3.9)
    activesupport (2.3.9)
    authlogic (2.1.3)
      activesupport
    daemon_controller (1.1.8)
    declarative_authorization (0.4.1)
      rails (>= 2.1.0)
    fastthread (1.0.7)
    mini_magick (2.3)
      subexec (~> 0.0.4)
    mysql (2.8.1)
    passenger (3.0.21)
      daemon_controller (>= 1.0.0)
      fastthread (>= 1.0.1)
      rack
      rake (>= 0.8.1)
    rack (1.1.6)
    rack-openid (1.0.1)
      rack (>= 0.4)
      ruby-openid (>= 2.1.6)
    rails (2.3.9)
      actionmailer (= 2.3.9)
      actionpack (= 2.3.9)
      activerecord (= 2.3.9)
      activeresource (= 2.3.9)
      activesupport (= 2.3.9)
      rake (>= 0.8.3)
    rake (10.1.1)
    ruby-openid (2.3.0)
    subexec (0.0.4)
    will_paginate (2.3.12)

PLATFORMS
  ruby

DEPENDENCIES
  RedCloth (= 4.2.3)
  authlogic (= 2.1.3)
  declarative_authorization (= 0.4.1)
  mini_magick (~> 2.1)
  mysql (= 2.8.1)
  passenger (~> 3.0.7)
  rack-openid (= 1.0.1)
  rails (= 2.3.9)
  will_paginate (= 2.3.12)

BUNDLED WITH
   1.16.1
